GEM
  remote: http://rubygems.org/
  specs:
    actionmailer (2.3.5)
      actionpack (= 2.3.5)
    actionpack (2.3.5)
      activesupport (= 2.3.5)
      rack (~> 1.0.0)
    activerecord (2.3.5)
      activesupport (= 2.3.5)
    activeresource (2.3.5)
      activesupport (= 2.3.5)
    activesupport (2.3.5)
    capistrano (2.9.0)
      highline
      net-scp (>= 1.0.0)
      net-sftp (>= 2.0.0)
      net-ssh (>= 2.0.14)
      net-ssh-gateway (>= 1.1.0)
    couchrest (0.37)
      mime-types (>= 1.15)
      rest-client (>= 0.5)
    daemon_controller (0.2.6)
    fastthread (1.0.7)
    highline (1.6.2)
    hoe (3.13.0)
      rake (>= 0.8, < 11.0)
    json (1.6.1)
    mime-types (1.17.2)
    net-scp (1.0.4)
      net-ssh (>= 1.99.1)
    net-sftp (2.0.5)
      net-ssh (>= 2.0.9)
    net-ssh (2.2.1)
    net-ssh-gateway (1.1.0)
      net-ssh (>= 1.99.1)
    rack (1.0.1)
    rails (2.3.5)
      actionmailer (= 2.3.5)
      actionpack (= 2.3.5)
      activerecord (= 2.3.5)
      activeresource (= 2.3.5)
      activesupport (= 2.3.5)
      rake (>= 0.8.3)
    rake (0.9.2)
    rest-client (1.6.7)
      mime-types (>= 1.16)
    rjb (1.4.3)
    rspec (1.3.0)
    rspec-rails (1.3.0)
      rack (>= 1.0.0)
      rspec (>= 1.3.0)
    rubygems-update (1.4.2)
    test-unit (1.2.3)
      hoe (>= 1.5.1)
    timecop (0.3.5)

PLATFORMS
  ruby

DEPENDENCIES
  capistrano
  couchrest (= 0.37)
  daemon_controller
  fastthread
  highline
  json
  rack
  rails (= 2.3.5)
  rake
  rjb (= 1.4.3)
  rspec-rails (= 1.3)
  rubygems-update (= 1.4.2)
  test-unit (= 1.2.3)
  timecop
