GEM
  remote: http://rubygems.org/
  specs:
    actionmailer (2.3.15)
      actionpack (= 2.3.15)
    actionpack (2.3.15)
      activesupport (= 2.3.15)
      rack (~> 1.1.3)
    activerecord (2.3.15)
      activesupport (= 2.3.15)
    activeresource (2.3.15)
      activesupport (= 2.3.15)
    activesupport (2.3.15)
    canonix (0.1.1)
    capistrano (2.9.0)
      highline
      net-scp (>= 1.0.0)
      net-sftp (>= 2.0.0)
      net-ssh (>= 2.0.14)
      net-ssh-gateway (>= 1.1.0)
    couchrest (0.37)
      mime-types (>= 1.15)
      rest-client (>= 0.5)
    daemon_controller (0.2.6)
    fastthread (1.0.7)
    hashie (3.3.2)
    highline (1.6.2)
    hoe (3.13.0)
      rake (>= 0.8, < 11.0)
    json (1.6.1)
    macaddr (1.7.1)
      systemu (~> 2.6.2)
    mime-types (1.17.2)
    net-scp (1.0.4)
      net-ssh (>= 1.99.1)
    net-sftp (2.0.5)
      net-ssh (>= 2.0.9)
    net-ssh (2.2.1)
    net-ssh-gateway (1.1.0)
      net-ssh (>= 1.99.1)
    nokogiri (1.5.11)
    omniauth (1.2.2)
      hashie (>= 1.2, < 4)
      rack (~> 1.0)
    omniauth-saml (1.2.0)
      omniauth (~> 1.2)
      ruby-saml (~> 0.7.3)
    rack (1.1.6)
    rails (2.3.15)
      actionmailer (= 2.3.15)
      actionpack (= 2.3.15)
      activerecord (= 2.3.15)
      activeresource (= 2.3.15)
      activesupport (= 2.3.15)
      rake (>= 0.8.3)
    rake (10.4.2)
    rest-client (1.6.7)
      mime-types (>= 1.16)
    rjb (1.4.3)
    rspec (1.3.0)
    rspec-rails (1.3.0)
      rack (>= 1.0.0)
      rspec (>= 1.3.0)
    ruby-saml (0.7.3)
      canonix (= 0.1.1)
      nokogiri (~> 1.5.0)
      uuid (~> 2.3)
    rubygems-update (1.4.2)
    systemu (2.6.4)
    test-unit (1.2.3)
      hoe (>= 1.5.1)
    timecop (0.3.5)
    uuid (2.3.7)
      macaddr (~> 1.0)

PLATFORMS
  ruby

DEPENDENCIES
  capistrano
  couchrest (= 0.37)
  daemon_controller
  fastthread
  highline
  json
  omniauth-saml
  rack (~> 1.1.3)
  rails (= 2.3.15)
  rake
  rjb (= 1.4.3)
  rspec-rails (= 1.3)
  rubygems-update (= 1.4.2)
  test-unit (= 1.2.3)
  timecop
